##TITLE=Parameter List, ParaVision 7.0.0
##JCAMPDX=4.24
##DATATYPE=Parameter Values
##ORIGIN=Bruker BioSpin MRI GmbH
##OWNER=nmrsu
$$ 2023-06-14 16:53:56.184 +0200  nmrsu@CZC046BHLY
$$ /opt/PV-7.0.0/data/nmrsu/20230614_150114_WEB1_01026_3D_Kidney_pH_1_1/42/acqp
$$ process /opt/PV-7.0.0/prog/mod/acq_out
##$PULPROG=( 32 )
<umpireMGE.ppg>
##$GRDPROG=( 16 )
<>
##$ACQ_experiment_mode=ParallelExperiment
##$ACQ_ReceiverSelect=( 8 )
Yes Yes No No No No No No
##$ACQ_PexSelect=0
##$ACQ_load_shim_set_list=No
$$ @vis= PULPROG GRDPROG ACQ_experiment_mode ACQ_ReceiverSelect
##$ACQ_user_filter=No
##$ACQ_DS_enabled=Yes
##$ACQ_switch_pll_enabled=No
$$ @vis= ACQ_load_shim_set_list ACQ_user_filter ACQ_DS_enabled
##$ACQ_preload=0
##$ACQ_branch_preload=( 10, 2 )
1000000 1000000 1000000 1000000 1000000 1000000 1000000 1000000 1000000 
1000000 1000000 1000000 1000000 1000000 1000000 1000000 1000000 1000000 500 
500
##$ACQ_jobs_size=0
##$ACQ_jobs=( 1 )
(0, 1, 0, 1, 64, 100, 0, 0)
##$ACQ_dim=3
$$ @vis= ACQ_switch_pll_enabled ACQ_preload ACQ_branch_preload ACQ_jobs_size
##$ACQ_dim_desc=( 3 )
Spatial Spatial Spatial
##$ACQ_size=( 3 )
80 40 10
##$ACQ_ns_list_size=9
##$ACQ_ns_list=( 9 )
1 1 1 1 1 1 1 1 1
##$ACQ_phase_factor=1
$$ @vis= ACQ_dim ACQ_dim_desc ACQ_size ACQ_ns_list_size ACQ_ns_list
##$ACQ_scan_size=One_scan
##$NI=9
##$NA=1
##$NAE=1
##$NR=1
##$DS=0
##$D=( 64 )
0.00478309405448396 0 0.00014 0.000169 0.00014 0 0.0002535 0 2.5e-05 0 
0.000237 0.000237 0.000184870793585643 0.000169 0.000169 0 0 0 0 0 1e-05 0 0 
0 0 0 0 0 0 0 0 0 0 0 0 0 0 0 0 0 0 0 0 0 0 0 0 0 0 0 0 0 0 0 0 0 0 0 0 0 0 0 
0 0
##$P=( 64 )
420 5 0 0 0 0 0 0 0 0 0 0 0 0 0 0 0 0 0 0 0 0 0 0 0 0 0 0 0 0 0 0 0 0 0 0 0 0 
0 0 0 0 0 0 0 0 0 0 0 0 0 0 0 0 0 0 0 0 0 0 0 0 0 0
##$PLW=( 64 )
0 0 0 0 0 0 0 0 0 0 0 0 0 0 0 0 0 0 0 0 0 0 0 0 0 0 0 0 0 0 0 0 0 0 0 0 0 0 0 
0 0 0 0 0 0 0 0 0 0 0 0 0 0 0 0 0 0 0 0 0 0 0 0 0
##$SPPEX=( 64 )
0 0 0 0 0 0 0 0 0 0 0 0 0 0 0 0 0 0 0 0 0 0 0 0 0 0 0 0 0 0 0 0 0 0 0 0 0 0 0 
0 0 0 0 0 0 0 0 0 0 0 0 0 0 0 0 0 0 0 0 0 0 0 0 0
##$ACQ_RfShapes=( 64 )
(<$ExcPulse1Shape>, 4.46152424583146, 0, 0.5, 0, 100 100 100 100 100 100 100 
100, 0 0 0 0 0 0 0 0) (<>, 0, 0, 0.5, 0, 0 0 0 0 0 0 0 0, 0 0 0 0 0 0 0 0) (<>
, 0, 0, 0.5, 0, 0 0 0 0 0 0 0 0, 0 0 0 0 0 0 0 0) (<>, 0, 0, 0.5, 0, 0 0 0 0 
0 0 0 0, 0 0 0 0 0 0 0 0) (<>, 0, 0, 0.5, 0, 0 0 0 0 0 0 0 0, 0 0 0 0 0 0 0 0)
 (<>, 0, 0, 0.5, 0, 0 0 0 0 0 0 0 0, 0 0 0 0 0 0 0 0) (<>, 0, 0, 0.5, 0, 0 0 
0 0 0 0 0 0, 0 0 0 0 0 0 0 0) (<>, 0, 0, 0.5, 0, 0 0 0 0 0 0 0 0, 0 0 0 0 0 0 
0 0) (<>, 0, 0, 0.5, 0, 0 0 0 0 0 0 0 0, 0 0 0 0 0 0 0 0) (<>, 0, 0, 0.5, 0, 
0 0 0 0 0 0 0 0, 0 0 0 0 0 0 0 0) (<>, 0, 0, 0.5, 0, 0 0 0 0 0 0 0 0, 0 0 0 0 
0 0 0 0) (<>, 0, 0, 0.5, 0, 0 0 0 0 0 0 0 0, 0 0 0 0 0 0 0 0) (<>, 0, 0, 0.5, 
0, 0 0 0 0 0 0 0 0, 0 0 0 0 0 0 0 0) (<>, 0, 0, 0.5, 0, 0 0 0 0 0 0 0 0, 0 0 
0 0 0 0 0 0) (<>, 0, 0, 0.5, 0, 0 0 0 0 0 0 0 0, 0 0 0 0 0 0 0 0) (<>, 0, 0, 
0.5, 0, 0 0 0 0 0 0 0 0, 0 0 0 0 0 0 0 0) (<>, 0, 0, 0.5, 0, 0 0 0 0 0 0 0 0, 
0 0 0 0 0 0 0 0) (<>, 0, 0, 0.5, 0, 0 0 0 0 0 0 0 0, 0 0 0 0 0 0 0 0) (<>, 0, 
0, 0.5, 0, 0 0 0 0 0 0 0 0, 0 0 0 0 0 0 0 0) (<>, 0, 0, 0.5, 0, 0 0 0 0 0 0 0 
0, 0 0 0 0 0 0 0 0) (<>, 0, 0, 0.5, 0, 0 0 0 0 0 0 0 0, 0 0 0 0 0 0 0 0) (<>, 
0, 0, 0.5, 0, 0 0 0 0 0 0 0 0, 0 0 0 0 0 0 0 0) (<>, 0, 0, 0.5, 0, 0 0 0 0 0 
0 0 0, 0 0 0 0 0 0 0 0) (<>, 0, 0, 0.5, 0, 0 0 0 0 0 0 0 0, 0 0 0 0 0 0 0 0) 
(<>, 0, 0, 0.5, 0, 0 0 0 0 0 0 0 0, 0 0 0 0 0 0 0 0) (<>, 0, 0, 0.5, 0, 0 0 0 
0 0 0 0 0, 0 0 0 0 0 0 0 0) (<>, 0, 0, 0.5, 0, 0 0 0 0 0 0 0 0, 0 0 0 0 0 0 0 
0) (<>, 0, 0, 0.5, 0, 0 0 0 0 0 0 0 0, 0 0 0 0 0 0 0 0) (<>, 0, 0, 0.5, 0, 0 
0 0 0 0 0 0 0, 0 0 0 0 0 0 0 0) (<>, 0, 0, 0.5, 0, 0 0 0 0 0 0 0 0, 0 0 0 0 0 
0 0 0) (<>, 0, 0, 0.5, 0, 0 0 0 0 0 0 0 0, 0 0 0 0 0 0 0 0) (<>, 0, 0, 0.5, 0,
 0 0 0 0 0 0 0 0, 0 0 0 0 0 0 0 0) (<>, 0, 0, 0.5, 0, 0 0 0 0 0 0 0 0, 0 0 0 
0 0 0 0 0) (<>, 0, 0, 0.5, 0, 0 0 0 0 0 0 0 0, 0 0 0 0 0 0 0 0) (<>, 0, 0, 
0.5, 0, 0 0 0 0 0 0 0 0, 0 0 0 0 0 0 0 0) (<>, 0, 0, 0.5, 0, 0 0 0 0 0 0 0 0, 
0 0 0 0 0 0 0 0) (<>, 0, 0, 0.5, 0, 0 0 0 0 0 0 0 0, 0 0 0 0 0 0 0 0) (<>, 0, 
0, 0.5, 0, 0 0 0 0 0 0 0 0, 0 0 0 0 0 0 0 0) (<>, 0, 0, 0.5, 0, 0 0 0 0 0 0 0 
0, 0 0 0 0 0 0 0 0) (<>, 0, 0, 0.5, 0, 0 0 0 0 0 0 0 0, 0 0 0 0 0 0 0 0) 
(<$PVM_FatSupPulShape>, 18.0219123377029, 0, 0.5, 0, 100 100 100 100 100 100 
100 100, 0 0 0 0 0 0 0 0) (<$PVM_FovSatPulShape>, 5.87606235674964, 0, 0.5, 0,
 100 100 100 100 100 100 100 100, 0 0 0 0 0 0 0 0) (<$PVM_SelIrPulShape>, 
421.515425315084, 0, 0, 0, 100 100 100 100 100 100 100 100, 0 0 0 0 0 0 0 0) 
(<>, 0, 0, 0.5, 0, 0 0 0 0 0 0 0 0, 0 0 0 0 0 0 0 0) (<$PVM_FlowSatPulShape>, 
146.901558918741, 0, 0.5, 0, 100 100 100 100 100 100 100 100, 0 0 0 0 0 0 0 0)
 (<bp.exc>, 401.425, 0, 0.5, 0, 100 100 100 100 100 100 100 100, 0 0 0 0 0 0 
0 0) (<$PVM_BlBloodPulShape>, 421.515425315084, 0, 0, 0, 100 100 100 100 100 
100 100 100, 0 0 0 0 0 0 0 0) (<>, 0, 0, 0.5, 0, 0 0 0 0 0 0 0 0, 0 0 0 0 0 0 
0 0) (<>, 0, 0, 0.5, 0, 0 0 0 0 0 0 0 0, 0 0 0 0 0 0 0 0) (<>, 0, 0, 0.5, 0, 
0 0 0 0 0 0 0 0, 0 0 0 0 0 0 0 0) (<>, 0, 0, 0.5, 0, 0 0 0 0 0 0 0 0, 0 0 0 0 
0 0 0 0) (<>, 0, 0, 0.5, 0, 0 0 0 0 0 0 0 0, 0 0 0 0 0 0 0 0) (<>, 0, 0, 0.5, 
0, 0 0 0 0 0 0 0 0, 0 0 0 0 0 0 0 0) (<>, 0, 0, 0.5, 0, 0 0 0 0 0 0 0 0, 0 0 
0 0 0 0 0 0) (<>, 0, 0, 0.5, 0, 0 0 0 0 0 0 0 0, 0 0 0 0 0 0 0 0) (<>, 0, 0, 
0.5, 0, 0 0 0 0 0 0 0 0, 0 0 0 0 0 0 0 0) (<>, 0, 0, 0.5, 0, 0 0 0 0 0 0 0 0, 
0 0 0 0 0 0 0 0) (<>, 0, 0, 0.5, 0, 0 0 0 0 0 0 0 0, 0 0 0 0 0 0 0 0) (<>, 0, 
0, 0.5, 0, 0 0 0 0 0 0 0 0, 0 0 0 0 0 0 0 0) (<>, 0, 0, 0.5, 0, 0 0 0 0 0 0 0 
0, 0 0 0 0 0 0 0 0) (<>, 0, 0, 0.5, 0, 0 0 0 0 0 0 0 0, 0 0 0 0 0 0 0 0) (<>, 
0, 0, 0.5, 0, 0 0 0 0 0 0 0 0, 0 0 0 0 0 0 0 0) (<>, 0, 0, 0.5, 0, 0 0 0 0 0 
0 0 0, 0 0 0 0 0 0 0 0) (<>, 0, 0, 0.5, 0, 0 0 0 0 0 0 0 0, 0 0 0 0 0 0 0 0)
##$SW_h=100000
$$ @vis= ACQ_phase_factor ACQ_scan_size NI NA NAE NR DS D P PLW ACQ_RfShapes
##$SW=1324.44555187597
##$FW=0
##$RG=203
##$AQ_mod=qdig
##$DR=20
##$PAPS=QP
##$PH_ref=0
##$BF1=75.5032925727737
##$SFO1=75.5032925727737
##$O1=0
##$ACQ_O1_list_size=1
##$ACQ_O1_list=( 1 )
0
$$ @vis= SW_h SW RG AQ_mod DR PAPS PH_ref BF1 SFO1 O1 ACQ_O1_list_size
##$ACQ_O1B_list_size=9
##$ACQ_O1B_list=( 9 )
0 0 0 0 0 0 0 0 0
##$BF2=300.225
##$SFO2=300.225
##$O2=0
##$ACQ_O2_list_size=1
$$ @vis= ACQ_O1_list ACQ_O1B_list_size ACQ_O1B_list BF2 SFO2 O2
##$ACQ_O2_list=( 1 )
0
##$BF3=300.225
##$SFO3=300.225
##$O3=0
##$ACQ_O3_list_size=1
##$ACQ_O3_list=( 1 )
0
$$ @vis= ACQ_O2_list_size ACQ_O2_list BF3 SFO3 O3 ACQ_O3_list_size
##$BF4=300.225
##$SFO4=300.225
##$O4=0
##$BF5=300.225
##$SFO5=300.225
##$O5=0
##$BF6=300.225
##$SFO6=300.225
##$O6=0
##$BF7=300.225
##$SFO7=300.225
##$O7=0
##$BF8=300.225
##$SFO8=300.225
##$O8=0
$$ @vis= ACQ_O3_list BF4 SFO4 O4 BF5 SFO5 O5 BF6 SFO6 O6 BF7 SFO7 O7 BF8 SFO8
##$NUC1=( 8 )
<13C>
##$NUC2=( 8 )
<off>
##$NUC3=( 8 )
<off>
##$NUC4=( 8 )
<off>
##$NUC5=( 8 )
<off>
##$NUC6=( 8 )
<off>
##$NUC7=( 8 )
<off>
##$NUC8=( 8 )
<off>
##$NUCLEUS=( 8 )
<13C>
##$ACQ_Routing=RouteDefinedByCoil
##$ACQ_Routing_base_ext=( 128 )
<parallel>
##$L=( 32 )
0 40 10 0 0 0 0 0 0 0 9 0 0 0 0 0 0 0 0 0 0 0 0 0 0 0 0 0 0 0 0 0
##$ACQ_vd_list_size=1
$$ @vis= O8 NUC1 NUC2 NUC3 NUC4 NUC5 NUC6 NUC7 NUC8 NUCLEUS L
##$ACQ_vd_list=( 1 )
1e-06
##$ACQ_vp_list_size=1
##$ACQ_vp_list=( 1 )
1e-06
##$ACQ_protocol_name=( 64 )
<umpireMGE>
$$ @vis= ACQ_vd_list_size ACQ_vd_list ACQ_vp_list_size ACQ_vp_list
##$ACQ_scan_name=( 64 )
<umpireMGE 13C HYPER (E42)>
##$ACQ_method=( 40 )
<User:umpireMGE>
##$ACQ_completed=Yes
##$ACQ_pipe_status=Wrapup
$$ @vis= ACQ_protocol_name ACQ_scan_name ACQ_method ACQ_completed
##$ACQ_scans_completed=0
##$ACQ_nr_completed=1
##$ACQ_total_completed=3600
$$ @vis= ACQ_pipe_status ACQ_scans_completed ACQ_nr_completed
##$ACQ_word_size=_32_BIT
##$NECHOES=9
##$ACQ_n_echo_images=9
##$ACQ_n_movie_frames=1
$$ @vis= ACQ_total_completed ACQ_word_size NECHOES ACQ_n_echo_images
##$ACQ_echo_descr=( 1, 20 )
<>
##$ACQ_movie_descr=( 1, 20 )
<>
##$ACQ_fov=( 3 )
6 6 3
##$ACQ_read_ext=1
$$ @vis= ACQ_n_movie_frames ACQ_echo_descr ACQ_movie_descr ACQ_fov
##$ACQ_slice_angle=( 1 )
0
##$ACQ_slice_orient=Arbitrary_Oblique
##$ACQ_patient_pos=Head_Prone
##$ACQ_read_offset=( 1 )
0
$$ @vis= ACQ_read_ext ACQ_slice_angle ACQ_slice_orient ACQ_patient_pos
##$ACQ_phase1_offset=( 1 )
0
##$ACQ_phase2_offset=( 1 )
0
##$ACQ_slice_sepn=( 1 )
30
##$ACQ_slice_sepn_mode=Contiguous
$$ @vis= ACQ_read_offset ACQ_phase1_offset ACQ_phase2_offset ACQ_slice_sepn
##$ACQ_slice_thick=30
##$ACQ_slice_offset=( 1 )
0
##$ACQ_obj_order=( 9 )
0 1 2 3 4 5 6 7 8
##$ACQ_flip_angle=5
$$ @vis= ACQ_slice_sepn_mode ACQ_slice_thick ACQ_slice_offset ACQ_obj_order
##$ACQ_flipback=No
##$ACQ_echo_time=( 9 )
1.096 2.692 3.788 4.884 5.98 7.076 8.172 9.268 10.364
##$ACQ_inter_echo_time=( 1 )
1.096
##$ACQ_recov_time=( 1 )
32.5814648480696
$$ @vis= ACQ_flip_angle ACQ_flipback ACQ_echo_time ACQ_inter_echo_time
##$ACQ_repetition_time=( 1 )
33.0014648480696
##$ACQ_scan_time=0
##$ACQ_temporal_delay=( 1 )
0
##$ACQ_time=<2023-06-14T16:50:42,791+0200>
$$ @vis= ACQ_recov_time ACQ_repetition_time ACQ_scan_time ACQ_temporal_delay
##$ACQ_time_points=( 1 )
0
##$ACQ_abs_time=(1686754242, 791, 120)
##$ACQ_operator=( 16 )
<nmrsu>
##$ACQ_RF_power=0
##$ACQ_transmitter_coil=( 16 )
<>
$$ @vis= ACQ_time ACQ_time_points ACQ_abs_time ACQ_operator ACQ_RF_power
##$ACQ_contrast_agent=( 20 )
<>
##$ACQ_trigger_enable=No
##$ACQ_institution=( 48 )
<Technische Universitaet Muenchen>
$$ @vis= ACQ_transmitter_coil ACQ_contrast_agent ACQ_trigger_enable
##$ACQ_station=( 64 )
<BioSpec 70/30>
##$ACQ_system_order_number=( 24 )
<10240415>
##$ACQ_sw_version=( 65 )
<PV-7.0.0>
##$ACQ_grad_str_X=0
$$ @vis= ACQ_institution ACQ_station ACQ_system_order_number ACQ_sw_version
##$ACQ_grad_str_Y=0
##$ACQ_grad_str_Z=0
##$ACQ_position_X=0
##$ACQ_position_Y=0
$$ @vis= ACQ_grad_str_X ACQ_grad_str_Y ACQ_grad_str_Z ACQ_position_X
##$ACQ_position_Z=0
##$BYTORDA=little
##$INSTRUM=( 64 )
<spect>
##$ACQ_fit_function_name=( 32 )
<t2vtr>
##$ACQ_adc_overflow=( 8 )
No No No No No No No No
$$ @vis= ACQ_position_Y ACQ_position_Z BYTORDA INSTRUM ACQ_fit_function_name
##$GRPDLY=20.003173828125
##$FRQLO3=0
##$ACQ_CalibratedRG=( 8, 1 )
203.37 210.53 0 0 0 0 0 0
##$FQ1LIST=( 16 )
<ACQ_O1_list>
##$FQ2LIST=( 16 )
<ACQ_O2_list>
$$ @vis= ACQ_adc_overflow GRPDLY FRQLO3 ACQ_CalibratedRG ACQ_INFO FQ1LIST
##$FQ3LIST=( 16 )
<ACQ_O3_list>
##$FQ8LIST=( 16 )
<ACQ_O1B_list>
##$SPW=( 64 )
4.46152424583146 0 0 0 0 0 0 0 0 0 0 0 0 0 0 0 0 0 0 0 0 0 0 0 0 0 0 0 0 0 0 
0 0 0 0 0 0 0 0 0 18.0219123377029 5.87606235674964 421.515425315084 0 
146.901558918741 401.425 421.515425315084 0 0 0 0 0 0 0 0 0 0 0 0 0 0 0 0 0
##$SPOAL=( 64 )
0.5 0.5 0.5 0.5 0.5 0.5 0.5 0.5 0.5 0.5 0.5 0.5 0.5 0.5 0.5 0.5 0.5 0.5 0.5 
0.5 0.5 0.5 0.5 0.5 0.5 0.5 0.5 0.5 0.5 0.5 0.5 0.5 0.5 0.5 0.5 0.5 0.5 0.5 
0.5 0.5 0.5 0.5 0 0.5 0.5 0.5 0 0.5 0.5 0.5 0.5 0.5 0.5 0.5 0.5 0.5 0.5 0.5 
0.5 0.5 0.5 0.5 0.5 0.5
##$SPOFFS=( 64 )
0 0 0 0 0 0 0 0 0 0 0 0 0 0 0 0 0 0 0 0 0 0 0 0 0 0 0 0 0 0 0 0 0 0 0 0 0 0 0 
0 0 0 0 0 0 0 0 0 0 0 0 0 0 0 0 0 0 0 0 0 0 0 0 0
##$SPNAM0=( 64 )
<$ExcPulse1Shape>
##$SPNAM1=( 64 )
<>
##$SPNAM2=( 64 )
<>
##$SPNAM3=( 64 )
<>
##$SPNAM4=( 64 )
<>
$$ @vis= FQ2LIST FQ3LIST FQ8LIST SPW SPOAL SPOFFS SPNAM0 SPNAM1 SPNAM2 SPNAM3
##$SPNAM5=( 64 )
<>
##$SPNAM6=( 64 )
<>
##$SPNAM7=( 64 )
<>
##$SPNAM8=( 64 )
<>
##$SPNAM9=( 64 )
<>
##$SPNAM10=( 64 )
<>
##$SPNAM11=( 64 )
<>
##$SPNAM12=( 64 )
<>
##$SPNAM13=( 64 )
<>
$$ @vis= SPNAM4 SPNAM5 SPNAM6 SPNAM7 SPNAM8 SPNAM9 SPNAM10 SPNAM11 SPNAM12
##$SPNAM14=( 64 )
<>
##$SPNAM15=( 64 )
<>
##$SPNAM16=( 64 )
<>
##$SPNAM17=( 64 )
<>
##$SPNAM18=( 64 )
<>
##$SPNAM19=( 64 )
<>
##$SPNAM20=( 64 )
<>
##$SPNAM21=( 64 )
<>
$$ @vis= SPNAM13 SPNAM14 SPNAM15 SPNAM16 SPNAM17 SPNAM18 SPNAM19 SPNAM20
##$SPNAM22=( 64 )
<>
##$SPNAM23=( 64 )
<>
##$SPNAM24=( 64 )
<>
##$SPNAM25=( 64 )
<>
##$SPNAM26=( 64 )
<>
##$SPNAM27=( 64 )
<>
##$SPNAM28=( 64 )
<>
##$SPNAM29=( 64 )
<>
$$ @vis= SPNAM21 SPNAM22 SPNAM23 SPNAM24 SPNAM25 SPNAM26 SPNAM27 SPNAM28
##$SPNAM30=( 64 )
<>
##$SPNAM31=( 64 )
<>
##$SPNAM32=( 64 )
<>
##$SPNAM33=( 64 )
<>
##$SPNAM34=( 64 )
<>
##$SPNAM35=( 64 )
<>
##$SPNAM36=( 64 )
<>
##$SPNAM37=( 64 )
<>
$$ @vis= SPNAM29 SPNAM30 SPNAM31 SPNAM32 SPNAM33 SPNAM34 SPNAM35 SPNAM36
##$SPNAM38=( 64 )
<>
##$SPNAM39=( 64 )
<>
##$SPNAM40=( 64 )
<$PVM_FatSupPulShape>
##$SPNAM41=( 64 )
<$PVM_FovSatPulShape>
##$SPNAM42=( 64 )
<$PVM_SelIrPulShape>
##$SPNAM43=( 64 )
<>
##$SPNAM44=( 64 )
<$PVM_FlowSatPulShape>
##$SPNAM45=( 64 )
<bp.exc>
$$ @vis= SPNAM37 SPNAM38 SPNAM39 SPNAM40 SPNAM41 SPNAM42 SPNAM43 SPNAM44
##$SPNAM46=( 64 )
<$PVM_BlBloodPulShape>
##$SPNAM47=( 64 )
<>
##$SPNAM48=( 64 )
<>
##$SPNAM49=( 64 )
<>
##$SPNAM50=( 64 )
<>
##$SPNAM51=( 64 )
<>
##$SPNAM52=( 64 )
<>
##$SPNAM53=( 64 )
<>
$$ @vis= SPNAM45 SPNAM46 SPNAM47 SPNAM48 SPNAM49 SPNAM50 SPNAM51 SPNAM52
##$SPNAM54=( 64 )
<>
##$SPNAM55=( 64 )
<>
##$SPNAM56=( 64 )
<>
##$SPNAM57=( 64 )
<>
##$SPNAM58=( 64 )
<>
##$SPNAM59=( 64 )
<>
##$SPNAM60=( 64 )
<>
##$SPNAM61=( 64 )
<>
$$ @vis= SPNAM53 SPNAM54 SPNAM55 SPNAM56 SPNAM57 SPNAM58 SPNAM59 SPNAM60
##$SPNAM62=( 64 )
<>
##$SPNAM63=( 64 )
<>
##$HPPRGN=normal
##$LOCNUC=( 8 )
<off>
##$QNP=1
##$SOLVENT=( 16 )
<>
##$DIGMOD=digital_mode
$$ @vis= SPNAM61 SPNAM62 SPNAM63 SPNAMES HPPRGN LOCNUC QNP SOLVENT HIRES
##$DIGTYP=DRU
##$DQDMODE=DQDMODE_add
##$DSPFIRM=DSP_imaging_solids
##$DECIM=200
##$DSPFVS=22
##$ACQ_scan_shift=-40
##$DEOSC=821.870793585643
##$DE=6
##$HDDUTY=20
$$ @vis= DIGMOD DIGTYP DQDMODE DSPFIRM DECIM DSPFVS ACQ_scan_shift DEOSC DE
##$HDRATE=1
##$ACQ_n_trim=1
##$ACQ_scaling_read=1
$$ @vis= HDDUTY HDRATE AVANCE_PARS ACQ_n_trim ACQ_trim_values
##$ACQ_scaling_phase=1
##$ACQ_scaling_slice=1
##$ACQ_grad_matrix_size=1
$$ @vis= ACQ_scaling_read ACQ_scaling_phase ACQ_scaling_slice
##$ACQ_grad_matrix=( 1, 3, 3 )
0 0 1 1 0 0 0 1 0
##$NSLICES=1
##$ACQ_rare_factor=1
##$ACQ_phase_encoding_mode=( 3 )
Read User_Defined_Encoding User_Defined_Encoding
$$ @vis= ACQ_grad_matrix_size ACQ_grad_matrix NSLICES ACQ_rare_factor
##$ACQ_phase_enc_start=( 3 )
-1 -1 -1
##$ACQ_spatial_size_1=40
##$ACQ_spatial_phase_1=( 40 )
0 -0.05 0.05 -0.1 0.1 -0.15 0.15 -0.2 0.2 -0.25 0.25 -0.3 0.3 -0.35 0.35 -0.4 
0.4 -0.45 0.45 -0.5 0.5 -0.55 0.55 -0.6 0.6 -0.65 0.65 -0.7 0.7 -0.75 0.75 
-0.8 0.8 -0.85 0.85 -0.9 0.9 -0.95 0.95 -1
$$ @vis= ACQ_phase_encoding_mode ACQ_phase_enc_start ACQ_spatial_size_1
##$ACQ_spatial_size_2=10
##$ACQ_spatial_phase_2=( 10 )
0 -0.2 0.2 -0.4 0.4 -0.6 0.6 -0.8 0.8 -1
##$ACQ_gradient_amplitude=( 100 )
5.27338491982053 -6.55279265353226 -31.6514348035642 22.2505692819432 
-11.1252846409716 26.3669245991027 50 -22.2505692819432 11.1252846409716 
41.6046147520358 -88.7738467271563 0 0 0 0 0 0 0 0 0 0 0 0 0 0 0 0 0 0 0 0 0 
0 0 0 0 0 0 0 0 0 0 0 0 0 0 0 0 0 0 0 0 0 0 0 0 0 0 0 0 0 0 0 0 0 0 0 0 0 0 0 
0 0 0 0 0 0 0 0 0 0 0 0 0 0 0 0 0 0 0 0 0 0 0 0 0 0 0 0 0
$$ @vis= ACQ_spatial_phase_1 ACQ_spatial_size_2 ACQ_spatial_phase_2
##$GS_dim=1
##$GS_disp_update=Each_Accum
##$GS_online_reco=Yes
$$ @vis= ACQ_gradient_amplitude GRAD_PARS GS_dim GS_disp_update
##$GS_reco_display=Yes
##$GS_shuffle_profiles=Yes
##$GS_typ=Spectrometer_Parameters
##$GS_info_dig_filling=Yes
$$ @vis= GS_online_reco GS_reco_display GS_shuffle_profiles GS_typ
##$GS_info_normalized_area=No_info
##$GS_info_max_point=No_info
##$GS_get_info_points=No_info
$$ @vis= GS_info_dig_filling GS_info_normalized_area GS_info_max_point
##$GS_continue=Exit_gsauto
##$GO_init_files=No
##$GO_data_save=Yes
##$GO_block_size=Standard_KBlock_Format
$$ @vis= GS_get_info_points GS_continue GS GO_init_files GO_data_save
##$GO_raw_data_format=GO_32BIT_SGN_INT
##$GO_disp_update=Each_Accum
##$GO_online_reco=Yes
##$GO_reco_display=Yes
$$ @vis= GO_block_size GO_raw_data_format GO_disp_update GO_online_reco
##$GO_reco_each_nr=No
##$GO_max_reco_mem=0
##$GO_time_est=Yes
##$GO_use_macro=No
$$ @vis= GO_reco_display GO_reco_each_nr GO_max_reco_mem GO_time_est
##$GO_macro=( 4096 )
<>
##$GO_LogTimestamp=No
##$ACQ_DriftCompActive=No
##$ACQ_DriftCompJob=1
##$ACQ_DriftCompFilterWidth=1
$$ @vis= GO_use_macro GO_LogTimestamp GO ACQ_DriftCompActive ACQ_DriftCompJob
##$ACQ_DriftCompStep=1
##$ACQ_DriftCompOffset=0
##$ACQ_DriftCompDebug=No
$$ @vis= ACQ_DriftCompFilterWidth ACQ_DriftCompStep ACQ_DriftCompOffset
##$ACQ_MPI_field_steps=1
##$ACQ_MPI_drive_field_cycle=0
$$ @vis= ACQ_DriftCompDebug Drift ACQ_MPI_field_steps
##$ACQ_MPI_selection_field_gradient=0
##$ACQ_MPI_base_frequency=0
$$ @vis= ACQ_MPI_drive_field_cycle ACQ_MPI_selection_field_gradient
##$ACQ_MPI_drive_field_strength=( 3 )
0 0 0
##$ACQ_MPI_div=( 3 )
0 0 0
##$ACQ_MPI_frequency_select=( 3 )
Yes Yes Yes
$$ @vis= ACQ_MPI_base_frequency ACQ_MPI_drive_field_strength ACQ_MPI_div
##$ACQ_AtsOffsetsSize=0
$$ @vis= ACQ_MPI_frequency_select MPI ACQ_AtsOffsetsSize ACQ_ATS ACQP
##END=
$$ File finished by PARX at 2023-06-14 16:53:56.185 +0200
