##TITLE=Parameter List, ParaVision 7.0.0
##JCAMPDX=4.24
##DATATYPE=Parameter Values
##ORIGIN=Bruker BioSpin MRI GmbH
##OWNER=nmrsu
$$ 2023-06-14 17:04:11.440 +0200  nmrsu@CZC046BHLY
$$ /opt/PV-7.0.0/data/nmrsu/20230614_150114_WEB1_01026_3D_Kidney_pH_1_1/17/method
$$ process /opt/PV-7.0.0/prog/mod/acq_out
##$Method=<User:umpireMGE>
##$PVM_EchoTime=1.896
##$PVM_RepetitionTime=100
##$PVM_NAverages=1
##$PVM_NRepetitions=1
$$ @vis= Method PVM_EchoTime PVM_RepetitionTime PVM_NAverages
##$PVM_ScanTimeStr=( 16 )
<0h6m0s0ms>
##$PVM_ScanTime=360000
##$PVM_DeriveGains=Yes
##$ExcPulse1Enum=<Calculated>
##$ExcPulse1=(0.42, 10000, 30, Yes, 3, 4200, 0.249438393428186, 
0.211190450455275, 0, 50, 91.5460541455574, <$ExcPulse1Shape>)
$$ @vis= PVM_NRepetitions PVM_ScanTimeStr PVM_DeriveGains ExcPulse1Enum
##$ExcPulse1Ampl=(91.5460541455574, 67.65576625298, -19.616396299076)
##$PVM_GradCalConst=25138.4
##$PVM_Nucleus1Enum=<1H>
##$PVM_Nucleus1=( 8 )
<1H>
##$PVM_RefPowMod1=AutoAdj
$$ @vis= ExcPulse1 RF_Pulses PVM_GradCalConst PVM_Nucleus1Enum PVM_Nucleus1
##$PVM_RefPowCh1=9.04289152990441
##$PVM_RefPowStat1=( 1024 )
<Study: Adj by Bruker:AdjRefPow protocol ADJ_REF_POW>
##$PVM_Nucleus2Enum=<13C>
##$PVM_Nucleus3Enum=<1H>
##$PVM_Nucleus4Enum=<1H>
##$PVM_Nucleus5Enum=<1H>
##$PVM_Nucleus6Enum=<1H>
##$PVM_Nucleus7Enum=<1H>
##$PVM_Nucleus8Enum=<1H>
##$PVM_FrqRef=( 8 )
300.221494044029 0 0 0 0 0 0 0
##$PVM_FrqWorkOffset=( 8 )
299.999398875258 0 0 0 0 0 0 0
$$ @vis= PVM_RefPowMod1 PVM_RefPowCh1 PVM_RefPowStat1 PVM_FrqRef
##$PVM_FrqWork=( 8 )
300.221794043428 0 0 0 0 0 0 0
##$PVM_FrqRefPpm=( 8 )
4.7 0 0 0 0 0 0 0
##$PVM_FrqWorkOffsetPpm=( 8 )
0.9992602289537 0 0 0 0 0 0 0
##$PVM_FrqWorkPpm=( 8 )
5.6992602289537 0 0 0 0 0 0 0
$$ @vis= PVM_FrqWorkOffset PVM_FrqWork PVM_FrqRefPpm PVM_FrqWorkOffsetPpm
##$PVM_NucleiPpmWork=( 20 )
(<1H>, 5.6992602289537) (<13C>, 171.528953727783) (<none>, 0) (<none>, 0) 
(<none>, 0) (<none>, 0) (<none>, 0) (<none>, 0) (<none>, 0) (<none>, 0) 
(<none>, 0) (<none>, 0) (<none>, 0) (<none>, 0) (<none>, 0) (<none>, 0) 
(<none>, 0) (<none>, 0) (<none>, 0) (<none>, 0)
##$PVM_SpatDimEnum=<3D>
##$PVM_IsotropicFovRes=Isot_None
$$ @vis= PVM_FrqWorkPpm PVM_NucleiPpmWork Nuclei PVM_SpatDimEnum
##$PVM_Matrix=( 3 )
120 120 30
##$PVM_MinMatrix=( 3 )
8 8 8
##$PVM_MaxMatrix=( 3 )
2048 2048 512
##$PVM_DefMatrix=( 3 )
128 128 64
$$ @vis= PVM_IsotropicFovRes PVM_Matrix PVM_MinMatrix PVM_MaxMatrix
##$PVM_AntiAlias=( 3 )
1 1 1
##$PVM_MaxAntiAlias=( 3 )
2 8 8
##$PVM_EncSpectroscopy=No
##$PVM_EncUseMultiRec=No
$$ @vis= PVM_DefMatrix PVM_AntiAlias PVM_MaxAntiAlias PVM_EncSpectroscopy
##$PVM_EncActReceivers=( 1 )
On
##$PVM_EncZf=( 3 )
1 1 1
##$PVM_EncPft=( 3 )
1 1 1
##$PVM_EncPftOverscans=( 3 )
60 60 15
##$PVM_EncPpi=( 3 )
1 1 1
##$PVM_EncPpiRefLines=( 3 )
0 0 0
##$PVM_EncOrder=( 3 )
LINEAR_ENC CENTRIC_ENC CENTRIC_ENC
$$ @vis= PVM_EncUseMultiRec PVM_EncZf PVM_EncPft PVM_EncPftOverscans
##$PVM_EncStart=( 3 )
0 0 0
##$PVM_EncNReceivers=1
##$PVM_EncAvailReceivers=8
##$PVM_EncChanScaling=( 1 )
1
$$ @vis= PVM_EncOrder PVM_EncStart PVM_EncNReceivers PVM_EncAvailReceivers
##$PVM_EncMatrix=( 3 )
120 120 30
##$PVM_EncTotalAccel=1
##$PVM_EncSteps1=( 120 )
0 -1 1 -2 2 -3 3 -4 4 -5 5 -6 6 -7 7 -8 8 -9 9 -10 10 -11 11 -12 12 -13 13 
-14 14 -15 15 -16 16 -17 17 -18 18 -19 19 -20 20 -21 21 -22 22 -23 23 -24 24 
-25 25 -26 26 -27 27 -28 28 -29 29 -30 30 -31 31 -32 32 -33 33 -34 34 -35 35 
-36 36 -37 37 -38 38 -39 39 -40 40 -41 41 -42 42 -43 43 -44 44 -45 45 -46 46 
-47 47 -48 48 -49 49 -50 50 -51 51 -52 52 -53 53 -54 54 -55 55 -56 56 -57 57 
-58 58 -59 59 -60
##$PVM_EncSteps2=( 30 )
0 -1 1 -2 2 -3 3 -4 4 -5 5 -6 6 -7 7 -8 8 -9 9 -10 10 -11 11 -12 12 -13 13 
-14 14 -15
$$ @vis= PVM_EncChanScaling PVM_EncMatrix PVM_EncTotalAccel PVM_EncSteps1
##$PVM_EncCentralStep1=1
##$PVM_EncCentralStep2=1
##$PVM_EncValues1=( 120 )
0 -0.0166666666666667 0.0166666666666667 -0.0333333333333333 
0.0333333333333333 -0.05 0.05 -0.0666666666666667 0.0666666666666667 
-0.0833333333333333 0.0833333333333333 -0.1 0.1 -0.116666666666667 
0.116666666666667 -0.133333333333333 0.133333333333333 -0.15 0.15 
-0.166666666666667 0.166666666666667 -0.183333333333333 0.183333333333333 
-0.2 0.2 -0.216666666666667 0.216666666666667 -0.233333333333333 
0.233333333333333 -0.25 0.25 -0.266666666666667 0.266666666666667 
-0.283333333333333 0.283333333333333 -0.3 0.3 -0.316666666666667 
0.316666666666667 -0.333333333333333 0.333333333333333 -0.35 0.35 
-0.366666666666667 0.366666666666667 -0.383333333333333 0.383333333333333 
-0.4 0.4 -0.416666666666667 0.416666666666667 -0.433333333333333 
0.433333333333333 -0.45 0.45 -0.466666666666667 0.466666666666667 
-0.483333333333333 0.483333333333333 -0.5 0.5 -0.516666666666667 
0.516666666666667 -0.533333333333333 0.533333333333333 -0.55 0.55 
-0.566666666666667 0.566666666666667 -0.583333333333333 0.583333333333333 
-0.6 0.6 -0.616666666666667 0.616666666666667 -0.633333333333333 
0.633333333333333 -0.65 0.65 -0.666666666666667 0.666666666666667 
-0.683333333333333 0.683333333333333 -0.7 0.7 -0.716666666666667 
0.716666666666667 -0.733333333333333 0.733333333333333 -0.75 0.75 
-0.766666666666667 0.766666666666667 -0.783333333333333 0.783333333333333 
-0.8 0.8 -0.816666666666667 0.816666666666667 -0.833333333333333 
0.833333333333333 -0.85 0.85 -0.866666666666667 0.866666666666667 
-0.883333333333333 0.883333333333333 -0.9 0.9 -0.916666666666667 
0.916666666666667 -0.933333333333333 0.933333333333333 -0.95 0.95 
-0.966666666666667 0.966666666666667 -0.983333333333333 0.983333333333333 -1
##$PVM_EncValues2=( 30 )
0 -0.0666666666666667 0.0666666666666667 -0.133333333333333 0.133333333333333 
-0.2 0.2 -0.266666666666667 0.266666666666667 -0.333333333333333 
0.333333333333333 -0.4 0.4 -0.466666666666667 0.466666666666667 
-0.533333333333333 0.533333333333333 -0.6 0.6 -0.666666666666667 
0.666666666666667 -0.733333333333333 0.733333333333333 -0.8 0.8 
-0.866666666666667 0.866666666666667 -0.933333333333333 0.933333333333333 -1
$$ @vis= PVM_EncSteps2 PVM_EncCentralStep1 PVM_EncCentralStep2 PVM_EncValues1
##$PVM_NEchoImages=10
##$EchoAcqMode=positiveReadOutEchoes
##$EchoSpacing=1.896
$$ @vis= PVM_EncValues2 Encoding_Output Encoding PVM_NEchoImages EchoAcqMode
##$MinEchoSpacing=1.896
##$EffectiveTE=( 10 )
1.896 4.292 6.188 8.084 9.98 11.876 13.772 15.668 17.564 19.46
##$PVM_EffSWh=100000
##$PVM_EchoPosition=50
$$ @vis= EchoSpacing MinEchoSpacing EffectiveTE Echoes PVM_EffSWh
##$EncGradDur=0.637
##$PVM_AcquisitionTime=1.2
##$ReadSpoiler=(Yes, 2, 0.806, 19.7418258772537)
##$SliceSpoiler=(Yes, 2, 0.2535, 31.3844411381982)
$$ @vis= PVM_EchoPosition EncGradDur PVM_AcquisitionTime ReadSpoiler
##$PVM_DigAutSet=Yes
##$PVM_DigQuad=Yes
##$PVM_DigFilter=<Digital_Medium>
##$PVM_DigRes=20
##$PVM_DigDw=0.01
$$ @vis= SliceSpoiler PVM_DigAutSet PVM_DigQuad PVM_DigFilter PVM_DigRes
##$PVM_DigSw=100000
##$PVM_DigNp=120
##$PVM_DigShift=36
##$PVM_DigShiftDbl=36
##$PVM_DigGroupDel=0.36
$$ @vis= PVM_DigDw PVM_DigSw PVM_DigNp PVM_DigShift PVM_DigShiftDbl
##$PVM_DigDur=1.2
##$PVM_DigEndDelMin=0
##$PVM_DigEndDelOpt=0.0324032403240324
$$ @vis= PVM_DigGroupDel PVM_DigDur PVM_DigEndDelMin PVM_DigEndDelOpt
##$PVM_Isotropic=Isotropic_None
##$PVM_Fov=( 3 )
60 60 30
##$PVM_FovCm=( 3 )
6 6 3
##$PVM_SpatResol=( 3 )
0.5 0.5 1
##$PVM_SliceThick=30
$$ @vis= DigitizerPars Sequence_Details PVM_Isotropic PVM_Fov PVM_SpatResol
##$PVM_ObjOrderScheme=Interlaced
##$PVM_ObjOrderList=( 1 )
0
##$PVM_NSPacks=1
##$PVM_SPackArrNSlices=( 1 )
1
$$ @vis= PVM_SliceThick PVM_ObjOrderScheme PVM_ObjOrderList PVM_NSPacks
##$PVM_MajSliceOri=No
##$PVM_SPackArrSliceOrient=( 1 )
coronal
##$PVM_SPackArrReadOrient=( 1 )
H_F
$$ @vis= PVM_SPackArrNSlices PVM_MajSliceOri PVM_SPackArrSliceOrient
##$PVM_SPackArrReadOffset=( 1 )
0
##$PVM_SPackArrPhase1Offset=( 1 )
0
$$ @vis= PVM_SPackArrReadOrient PVM_SPackArrReadOffset
##$PVM_SPackArrPhase2Offset=( 1 )
0
##$PVM_SPackArrSliceOffset=( 1 )
0
##$PVM_SPackArrSliceGapMode=( 1 )
non_contiguous
$$ @vis= PVM_SPackArrPhase1Offset PVM_SPackArrSliceOffset
##$PVM_SPackArrSliceGap=( 1 )
0
##$PVM_SPackArrSliceDistance=( 1 )
30
$$ @vis= PVM_SPackArrSliceGapMode PVM_SPackArrSliceGap
##$PVM_SPackArrGradOrient=( 1, 3, 3 )
0 0 1 1 0 0 0 1 0
##$PVM_SliceGeo=( 1 )
(((0 0 -1 1 0 0 0 -1 0, 0 0 0, 0 0 0), 60 60 30, <+R;read> <+P;phase> 
<+S;slice>, 0), 30, 8, 512, 1, 0, No)
##$PVM_SliceGeoObj=(<BRUKER_SLICEPACKAGE>, GeoCuboidPackId, Standard_GobjShape,
 <PVM_SliceGeo>, <PVM_ObjOrderList>, 0, <R;read> <P;phase> <S;slice>, Yes, 
658968)
##$PVM_EffPhase0Offset=( 1 )
0
##$PVM_EffPhase1Offset=( 1 )
0
##$PVM_EffPhase2Offset=( 1 )
-0
##$PVM_EffSliceOffset=( 1 )
0
##$PVM_EffReadOffset=( 1 )
0
##$PVM_Phase0Offset=( 1 )
0
##$PVM_Phase1Offset=( 1 )
0
##$PVM_Phase2Offset=( 1 )
0
##$PVM_SliceOffset=( 1 )
0
##$PVM_ReadOffset=( 1 )
0
$$ @vis= PVM_SPackArrSliceDistance PVM_SliceGeo PVM_SliceGeoObj
##$PVM_DummyScans=10
##$PVM_DummyScansDur=1000
$$ @vis= SliceOffsetPars ImageGeometry PVM_DummyScans PVM_DummyScansDur
##$PVM_EvolutionOnOff=Off
##$PVM_NEvolutionCycles=2
##$PVM_EvolutionCycles=1
##$PVM_EvolutionMode=Constant_Delay
##$PVM_EvolutionTime=( 2 )
1 0
##$PVM_EvolutionDelay=1
##$PVM_EvolutionModuleTime=0
##$PVM_TriggerModule=Off
##$PVM_TriggerMode=per_PhaseStep
##$PVM_TriggerDelay=1
##$PVM_TriggerDur=0.01
##$PVM_TriggerModuleTime=0
##$PVM_TaggingOnOff=Off
$$ @vis= DummyScans_Parameters PVM_EvolutionOnOff PVM_TriggerModule
##$PVM_TaggingPulEnum=<bp>
##$PVM_TaggingPul=(0.2, 6400, 90, No, 3, 1280, 1, 1, 0, 50, 226.07228824761, 
<bp.exc>)
##$PVM_TaggingPulAmpl=(226.07228824761, 106.318457533866, -23.5424733015279)
##$PVM_TaggingMode=SPAMM
##$PVM_TaggingDir=Tagging_grid
##$PVM_TaggingDistance=1
##$PVM_TaggingMinDistance=0.001
##$PVM_TaggingThick=0.2
##$PVM_TaggingOffset1=0
##$PVM_TaggingOffset2=0
##$PVM_TaggingAngle=0
##$PVM_TaggingDelay=0.01
##$PVM_TaggingModuleTime=0
##$PVM_TaggingInterPulseDelay=1.00459558285332
##$PVM_TaggingPulseNumber=5
##$PVM_TaggingPulseElement=0.04
##$PVM_TaggingGradientStrength=5
##$PVM_TaggingGridDelay=0.01
##$PVM_TaggingFL=( 2 )
0 0
##$PVM_TaggingD0=1e-05
##$PVM_TaggingD1=1e-05
##$PVM_TaggingD2=0.000770595582853324
##$PVM_TaggingD3=0.000507
##$PVM_TaggingD4=0.000169
##$PVM_TaggingD5=2.5e-05
##$PVM_TaggingP0=40
##$PVM_TaggingLp0=4
##$PVM_TaggingGradAmp1=5
##$PVM_TaggingGradAmp2=-0
##$PVM_TaggingGradAmp3=0
##$PVM_TaggingGradAmp4=5
##$PVM_TaggingSpoiler=(Yes, 1, 0.507, 7.84611028454955)
##$PVM_SelIrOnOff=Off
##$PVM_BlBloodOnOff=Off
##$PVM_FatSupOnOff=Off
##$PVM_FatSupPulEnum=<Calculated>
##$PVM_FatSupPul=(3.9970612333051, 1050.77199343456, 90, Yes, 3, 4200, 
0.236151639875348, 0.200434548747244, 0, 50, 10.1494798798838, 
<$PVM_FatSupPulShape>)
##$PVM_FatSupPulAmpl=(10.1494798798838, 22.5271834456549, -10.0644378697)
##$PVM_FatSupBandWidth=1050.77199343456
##$PVM_FatSupSpoil=(Yes, 3, 0.507, 23.5383308536486)
##$PVM_FatSupModuleTime=0
##$PVM_FatSupPerform=No
##$PVM_FatSupRampTime=0.169
##$PVM_FatSupAmpEnable=0.025
##$PVM_FatSupGradWait=0.01
##$PVM_FatSupFL=( 1 )
-1350.76913087273
##$PVM_FatSupRfLength=3997.0612333051
##$PVM_FatSupSpoilDur=0.507
##$PVM_FatSupSpoilAmp=23.5383308536486
##$PVM_MagTransOnOff=Off
$$ @vis= PVM_TaggingOnOff PVM_SelIrOnOff PVM_BlBloodOnOff PVM_FatSupOnOff
##$PVM_MagTransPulse1Enum=<gauss>
##$PVM_MagTransPulse1=(1.82666666666667, 1500, 117.1, No, 3, 2740, 0.4181723, 
0.298723764675971, 0, 50, 26.2365642416331, <gauss.exc>)
##$PVM_MagTransPulse1Ampl=(26.2365642416331, 36.2191691246729, 
-14.1890696223582)
##$PVM_MagTransPower=10.0017644460368
##$PVM_MagTransOffset=1500
##$PVM_MagTransInterDelay=0.01
##$PVM_MagTransPulsNumb=1
##$PVM_MagTransSpoil=(Yes, 5, 2, 0.331498159522218)
##$PVM_MagTransSpoiler=0.331498159522218
##$PVM_MagTransModuleTime=0
##$PVM_MagTransFL=( 1 )
1500
##$PVM_MtD0=1e-06
##$PVM_MtD1=1e-06
##$PVM_MtD2=1e-06
##$PVM_MtD3=1e-06
##$PVM_MtP0=10
##$PVM_MtLp0=0
##$PVM_FovSatOnOff=Off
##$PVM_FovSatPulEnum=<sech>
##$PVM_FovSatPul=(4.05, 5000, 90, No, 3, 20250, 0.1064278, 0.189614018306272, 
0, 50, 48.6728868343803, <sech.exc>)
##$PVM_FovSatPulAmpl=(48.6728868343803, 49.3319809223085, -16.8728710541878)
##$PVM_FovSatNSlices=1
##$PVM_FovSatThick=( 1 )
3.48
##$PVM_FovSatOffset=( 1 )
0
##$PVM_FovSatSpoil=(Yes, 10, 0.8, 14.2887137725094)
##$PVM_FovSatSpoilDur=0.631
##$PVM_FovSatSpoilAmp=14.2887137725094
##$PVM_FovSatModuleTime=0
##$PVM_FovSatGrad=( 1, 3 )
0 0 -5.71548550900376
##$PVM_FovSatRampTime=0.169
##$PVM_FovSatAmpEnable=0.025
##$PVM_FovSatGradWait=0.01
##$PVM_FovSatSliceOri=( 1 )
axial
##$PVM_FovSatSliceVec=( 1, 3 )
0 0 1
##$PVM_FovSatFL=( 1 )
0
##$PVM_FovSatRfLength=4050
##$PVM_FovSatGeoObj=(<>, GeoCuboidPackId, Standard_GobjShape, <>, <>, 0, <> <> 
<>, No, 0)
##$PVM_FovSatGeoCub=( 1 )
(((-1 0 0 0 1 0 0 0 -1, 0 0 0, 0 0 0), 58 58 3.48, <+> <+> <+>, 0), 1, 1, 1, 
3.48, 0, No)
##$PVM_InFlowSatOnOff=Off
##$PVM_InFlowSatNSlices=1
##$PVM_InFlowSatThick=( 1 )
0.474604642783848
##$PVM_InFlowSatMinThick=0.119339337427999
##$PVM_InFlowSatSliceGap=0
##$PVM_FlowSatGeoObj=(<>, GeoCuboidPackId, Standard_GobjShape, <>, <>, 0, <> <>
 <>, No, 0)
##$PVM_FlowSatGeoCub=( 1 )
(((0 0 0 0 0 0 0 0 0, 0 0 0, 0 0 0), 0 0 0.474604642783848, <+> <+> <+>, 0), 
1, 1, 1, 0.474604642783848, 0, No)
##$PVM_FlowSatPulEnum=<Calculated>
##$PVM_FlowSatPul=(1.4, 3000, 90, Yes, 3, 4200, 0.236151639875348, 
0.200434548747244, 0, 50, 82.7311990331965, <$PVM_FlowSatPulShape>)
##$PVM_FlowSatPulAmpl=(82.7311990331965, 64.3160940329854, -19.1766931865503)
##$PVM_InFlowSatSpoil=(Yes, 5, 0.838166666666667, 50)
##$PVM_InFlowSatPos=up
##$PVM_InFlowSatModuleTime=0
##$PVM_InFlowSatFL=( 1 )
96315.7602
##$PVM_SfD0=0.000169
##$PVM_SfD1=2.5e-05
##$PVM_SfD2=0.000838166666666667
##$PVM_SfP0=1400
##$PVM_SfLp0=1
##$PVM_MotionSupOnOff=Off
##$PVM_WsMode=NO_SUPPRESSION
##$PVM_WsOnOff=On
##$PVM_WsBandwidth=400
##$PVM_WsOffsetHz=( 1 )
49785.4043479153
##$PVM_WsOffsetPPM=( 1 )
171.528953727783
##$PVM_WsCalcSpoiler=On
##$PVM_WsSpoilerStrength=20
##$PVM_VpSpoilerStrength=( 7, 3 )
0.0994734432234432 0.198946886446886 0.0994734432234432 0.39371148967017 
0.0196855744835085 0.39371148967017 0.00911436482631314 0.546861889578788 
0.00911436482631314 1.57484595868068 0.0196855744835085 1.57484595868068 
0.0152606069120539 1.83127282944647 0.0152606069120539 11.4492753623188 
0.0715579710144928 11.4492753623188 20 15.625 20
##$PVM_ChSpoilerStrength=( 3, 3 )
19.9999999999999 19.9999999999999 0.5 20 0.5 20 0.5 20 20
##$PVM_WsCalcTiming=Off
##$PVM_WsMeanT1=1500
##$PVM_WsLockGains=No
##$PVM_VpInterPulseDelay=( 7, 1 )
150 80 160 80 100 30 26
##$PVM_VpSpoilerOnDuration=( 7, 1 )
136.5 68.975 148.975 68.975 88.975 18.975 21.725
##$PVM_ChInterPulseDelay=( 3, 1 )
13.838 11.363 4.613
##$PVM_ChSpoilerOnDuration=( 3, 1 )
0.338000000000001 0.338 0.338
##$PVM_VpPul1Enum=<hermite>
##$PVM_VpPul2Enum=<hermite>
##$PVM_VpPul1=(13.5, 400, 90, No, 3, 5400, 0.1794, 0.173622206901755, 0, 50, 
1.54168237369758, <hermite.exc>)
##$PVM_VpPul2=(8.55, 400, 180, No, 3, 3420, 0.1794, 0.173622206901755, 2, 0, 
15.3741178540479, <hermite.inv>)
##$PVM_VpPul1Ampl=(1.54168237369758, 8.77975618595864, -1.87994907074591)
##$PVM_VpPul2Ampl=(15.3741178540479, 27.7255458503957, -11.8679020593622)
##$PVM_ChPul1Enum=<hermite>
##$PVM_ChPul2Enum=<hermite>
##$PVM_ChPul3Enum=<hermite>
##$PVM_ChPul1=(13.5, 400, 90, No, 3, 5400, 0.1794, 0.173622206901755, 0, 50, 
1.54168237369758, <hermite.exc>)
##$PVM_ChPul2=(13.5, 400, 90, No, 3, 5400, 0.1794, 0.173622206901755, 0, 50, 
1.54168237369758, <hermite.exc>)
##$PVM_ChPul3=(8.55, 400, 180, No, 3, 3420, 0.1794, 0.173622206901755, 2, 0, 
15.3741178540479, <hermite.inv>)
##$PVM_ChPul1Ampl=(1.54168237369758, 8.77975618595864, -1.87994907074591)
##$PVM_ChPul2Ampl=(1.54168237369758, 8.77975618595864, -1.87994907074591)
##$PVM_ChPul3Ampl=(15.3741178540479, 27.7255458503957, -11.8679020593622)
##$PVM_WsDeriveGains=Yes
##$PVM_WsModuleDuration=0
$$ @vis= PVM_MagTransOnOff PVM_FovSatOnOff PVM_InFlowSatOnOff PVM_WsMode
##$RFSpoiling=No
##$PVM_MapShimReady=Yes
##$PVM_MapShimLocShim=No
##$PVM_MapShimStatus=( 128 )
<Mapshim ready.>
$$ @vis= Suppression RFSpoiling Preparation PVM_MapShimReady
##$PVM_MapShimCalcStat=( 256 )
<Not Calculated.>
##$PVM_MapShimNSets=1
##$PVM_MapShimSets=( 1 )
(0, 0, 0, 0, 0, 0, 0, 0, 0, 0, 0, 0, 0, 0, 0, 0, 0, 0, 0, 0, 0, 0, 0, 0, 0, 0,
 0, 0, 0, 0, 0, 0, 0, 0, 0, 0, 0, 0, 0)
##$PVM_MapShimNVolumes=1
$$ @vis= PVM_MapShimStatus PVM_MapShimNSets PVM_MapShimSets
##$PVM_MapShimVolShape=Ellipsoid
##$PVM_StudyB0Map=(</opt/PV-7.0.0/data/nmrsu>, 
<20230614_150114_WEB1_01026_3D_Kidney_pH_1_1>, 39, 1)
##$PVM_StudyB0MapShimset=(0, -779, 0, 0, 0, 625, 536, 0, 0, 0, 0, 0, 0, 0, 0, 
0, 0, 0, 0, 0, 0, 0, 0, 0, 0, 0, 0, 0, 0, 0, 0, 0, 0, 0, 0, 0, 0, 0, 0)
##$PVM_ReqShimEnum=Current_Shim
$$ @vis= PVM_MapShimNVolumes PVM_StudyB0Map PVM_StudyB0MapShimset
##$PVM_MapShimUseShims=AllShims
##$PVM_MapShimVolDerive=No
##$PVM_MapShimVolMargin=( 3 )
0 0 0
##$SmallDeltaTE=0.5
##$SmallDeltaTEPosition=2
##$EchoFillDelaysCustom=( 20 )
0.000169 0.000669 0.000169 0.000169 0.000169 0.000169 0.000169 0.000169 
0.000169 0.000169 0.000169 0.000169 0.000169 0.000169 0.000169 0.000169 
0.000169 0.000169 0.000169 0.000169
$$ @vis= PVM_ReqShimEnum MapShim SmallDeltaTE SmallDeltaTEPosition
##$ZeroDummyScans=No
##$EchoSyncMode=SynchronizeAndMinimize
##$PVM_GeoObj=( 1, 65 )
<PVM_SliceGeoObj>
$$ @vis= EchoFillDelaysCustom ZeroDummyScans EchoSyncMode MethodClass
##$PVM_ExportHandler=( 4 )
(<BRUKER_PARIMPORT_SLICEGEO>, <>, <Slice Geometry>) 
(<BRUKER_PARIMPORT_SLICEORIENT>, <>, <Slice Orientation>) 
(<BRUKER_PARIMPORT_FOVSAT>, <>, <FOV Saturation>) 
(<BRUKER_PARIMPORT_WATERSUPPRESSION>, <>, <Water Suppression>)
$$ @vis= PVM_GeoObj PVM_ExportHandler StandardMethodGroup
##END=
$$ File finished by PARX at 2023-06-14 17:04:11.442 +0200
