##TITLE=Parameter List, ParaVision 7.0.0
##JCAMPDX=4.24
##DATATYPE=Parameter Values
##ORIGIN=Bruker BioSpin MRI GmbH
##OWNER=nmrsu
$$ 2023-05-15 13:32:22.120 +0200  nmrsu@CZC046BHLY
$$ /opt/PV-7.0.0/conf/instr/spect/specpar
$$ process /opt/PV-7.0.0/prog/mod/pvsysman
##$BF1=300.225
##$BF2=300.225
##$BF3=300.225
##$HPMOD=0 0 1 0 0 0 0 0
##$HPPRECH=-1 1 3 -1 -1 -1 -1 -1 -1 -1 -1 -1 -1 -1 -1 -1
##$NUC1=<10>
##$NUC2=<1>
##$NUC3=<0>
##$NUC4=<0>
##$NUC5=<0>
##$NUC6=<0>
##$NUC7=<0>
##$NUC8=<0>
##$NUCARR=300.225 300.225 46.086365 320.231916 228.709715 44.181369 116.678835 
42.187056 32.255147 96.324111 75.491636 21.687909 30.421535 40.699873 
282.493745 23.70065 79.415217 18.378679 78.229205 59.646262 121.533308 
23.045271 29.415772 24.485525 14.009618 7.689678 20.20523 72.929897 16.925286 
16.929799 29.93336 78.968026 16.970206 74.42343 9.720619 71.234608 26.828259 
79.606079 85.274987 18.784487 72.058065 91.55873 10.472794 51.406368 57.25745 
15.664906 75.218311 81.080319 11.551457 28.986553 98.234983 13.011217 
14.711619 27.909811 73.483581 19.565441 19.976056 67.575622 13.825815 
15.49572 9.566511 13.738596 12.152565 13.971069 63.694175 66.62946 65.646463 
65.78719 98.229864 106.97695 111.9558 71.845575 38.906809 78.568108 94.720294 
60.067475 83.493131 24.750312 39.377937 29.825724 33.363788 39.612587 
42.408706 91.928895 16.362263 10.08756 12.519383 10.32774 74.635935 32.964705 
9.216908 12.099068 72.17409 10.32774 14.470845 64.068015 8.64648 24.888653 
52.537291 14.473847 34.237659 24.411295 12.030016 7.556663 35.995777 
12.508535 67.62448 68.305991 6.852128 23.313672 5.157866 5.61721 64.53872 
5.19089 53.772765 19.849625 171.498127 173.181303 62.808868 48.24402 5.528343 
100 100 100
##$OFFSF=0 0 0 0 0 0 0 0
##$OFFSH=-2768.40000003631 0 0 0 0 0 0 0
##$OFFSX=12858.3000000049 957.16 0 0 0 0 0 0
##$PRECHAN=-1 0 -1 -1 -1 -1 -1 -1 -1 -1 -1 -1 -1 -1 -1 -1
##$RECPRE=-1 0 3 -1 -1 -1 -1 -1 -1 -1 -1 -1 -1 -1 -1 -1
##$RECSEL=0 1 2 0 0 0 0 0 0 0 0 0 0 0 0 0
##$SELREC=0 0 0 0 0 0 0 0 0 0
##$SFO1=75.504494
##$SFO2=300.222232
##$SFO3=300.225
##$SFO4=300.225
##$SFO5=300.225
##$SFO6=300.225
##$SFO7=300.225
##$SFO8=300.225
##END=
